GEM
  remote: https://rubygems.org/
  specs:
    axiom-types (0.1.1)
      descendants_tracker (~> 0.0.4)
      ice_nine (~> 0.11.0)
      thread_safe (~> 0.3, >= 0.3.1)
    byebug (11.1.3)
    chunky_png (1.3.14)
    coercible (1.0.0)
      descendants_tracker (~> 0.0.1)
    descendants_tracker (0.0.4)
      thread_safe (~> 0.3, >= 0.3.1)
    dotenv (2.7.6)
    equalizer (0.0.11)
    faraday (1.1.0)
      multipart-post (>= 1.2, < 3)
      ruby2_keywords
    foreman (0.87.2)
    ice_nine (0.11.2)
    inflecto (0.0.2)
    multipart-post (2.1.1)
    pdf-core (0.8.1)
    prawn (2.3.0)
      pdf-core (~> 0.8.1)
      ttfunk (~> 1.6)
    rqrcode (1.1.2)
      chunky_png (~> 1.0)
      rqrcode_core (~> 0.1)
    rqrcode_core (0.1.2)
    ruby2_keywords (0.0.2)
    telegram-bot-ruby (0.13.0)
      faraday
      inflecto
      virtus
    thread_safe (0.3.6)
    ttfunk (1.6.2.1)
    virtus (1.0.5)
      axiom-types (~> 0.1)
      coercible (~> 1.0)
      descendants_tracker (~> 0.0, >= 0.0.3)
      equalizer (~> 0.0, >= 0.0.9)

PLATFORMS
  ruby

DEPENDENCIES
  byebug
  dotenv
  foreman
  prawn
  rqrcode
  telegram-bot-ruby

BUNDLED WITH
   2.0.2
